GEM
  remote: http://rubygems.org/
  specs:
    activesupport (3.1.3)
      multi_json (~> 1.0)
    addressable (2.2.6)
    faraday (0.7.5)
      addressable (~> 2.2.6)
      multipart-post (~> 1.1.3)
      rack (>= 1.1.0, < 2)
    multi_json (1.0.4)
    multipart-post (1.1.4)
    oauth (0.4.5)
    rack (1.3.5)
    simple_oauth (0.1.5)
    sinatra (1.0)
      rack (>= 1.0)
    sinatra-flash (0.3.0)
      sinatra (>= 1.0.0)
    twitter (2.0.2)
      activesupport (>= 2.3.9, < 4)
      faraday (~> 0.7)
      multi_json (~> 1.0)
      simple_oauth (~> 0.1)

PLATFORMS
  x86-mingw32

DEPENDENCIES
  oauth
  sinatra (= 1.0)
  sinatra-flash
  twitter (= 2.0.2)
